PATH
  remote: .
  specs:
    adjective-rpg-engine (0.0.1)

GEM
  remote: https://rubygems.org/
  specs:
    awesome_print (1.8.0)

PLATFORMS
  ruby

DEPENDENCIES
  adjective-rpg-engine!
  awesome_print

BUNDLED WITH
   2.0.2
