PATH
  remote: .
  specs:
    adjective (1.0.0)

GEM
  remote: https://rubygems.org/
  specs:
    awesome_print (1.8.0)
    diff-lcs (1.3)
    git (1.7.0)
      rchardet (~> 1.8)
    rake (11.3.0)
    rchardet (1.8.0)
    rspec (3.9.0)
      rspec-core (~> 3.9.0)
      rspec-expectations (~> 3.9.0)
      rspec-mocks (~> 3.9.0)
    rspec-core (3.9.1)
      rspec-support (~> 3.9.1)
    rspec-expectations (3.9.1)
      diff-lcs (>= 1.2.0, < 2.0)
      rspec-support (~> 3.9.0)
    rspec-mocks (3.9.1)
      diff-lcs (>= 1.2.0, < 2.0)
      rspec-support (~> 3.9.0)
    rspec-support (3.9.2)
    yard (0.9.25)
    yard-ghpages (0.0.2)
      git (~> 1.3)
      rake (~> 11.1)
      yard (~> 0.8)

PLATFORMS
  ruby

DEPENDENCIES
  adjective!
  awesome_print
  rspec
  yard-ghpages

BUNDLED WITH
   2.0.2
